GEM
  remote: http://rubygems.org/
  remote: http://gems.github.com/
  specs:
    addressable (2.2.6)
    backports (2.6.1)
    builder (3.0.0)
    daemon-kit (0.1.8.2)
      eventmachine (>= 0.12.10)
      safely (>= 0.3.1)
    em-mysqlplus (0.1.5)
      eventmachine (>= 0.12.9)
    eventmachine (0.12.10)
    jsmin (1.0.1)
    json (1.7.3)
    jwt (0.1.4)
      json (>= 1.2.4)
    mime-types (1.19)
    multi_json (1.3.6)
    mysql2 (0.2.3)
    mysqlplus (0.1.2)
    rack (1.4.1)
    rack-flash3 (1.0.1)
      rack
      rack
    rack-protection (1.2.0)
      rack
    rack-test (0.6.1)
      rack (>= 1.0)
    rest-client (1.6.7)
      mime-types (>= 1.16)
    safely (0.3.2)
    sinatra (1.3.0)
      rack (~> 1.3)
      rack-protection (~> 1.1)
      tilt (~> 1.3)
    sinatra-assetpack (0.0.11)
      jsmin
      rack-test
      sinatra
      tilt (>= 1.3.0)
    sinatra-contrib (1.3.1)
      backports (>= 2.0)
      eventmachine
      rack-protection
      rack-test
      sinatra (~> 1.3.0)
      tilt (~> 1.3)
    tilt (1.3.3)
    twilio-ruby (3.7.0)
      builder (>= 2.1.2)
      jwt (>= 0.1.2)
      multi_json (>= 1.3.0)

PLATFORMS
  ruby

DEPENDENCIES
  addressable (= 2.2.6)
  daemon-kit
  em-mysqlplus (= 0.1.5)
  mysql2 (= 0.2.3)
  mysqlplus (= 0.1.2)
  rack-flash3
  rest-client
  sinatra (= 1.3.0)
  sinatra-assetpack
  sinatra-contrib
  twilio-ruby
