GEM
  remote: http://rubygems.org/
  specs:
    addressable (2.2.6)
    em-mysqlplus (0.1.5)
      eventmachine (>= 0.12.9)
    eventmachine (0.12.10)
    jsmin (1.0.1)
    mysql2 (0.2.3)
    mysqlplus (0.1.2)
    rack (1.3.3)
    rack-flash (0.1.2)
      rack
    rack-test (0.6.1)
      rack (>= 1.0)
    sinatra (1.2.6)
      rack (~> 1.1)
      tilt (< 2.0, >= 1.2.2)
    sinatra-assetpack (0.0.10)
      jsmin
      rack-test
      sinatra
      tilt (>= 1.3.0)
    sinatra-content-for (0.2)
      sinatra
    tilt (1.3.3)

PLATFORMS
  ruby

DEPENDENCIES
  addressable (= 2.2.6)
  em-mysqlplus (= 0.1.5)
  mysql2 (= 0.2.3)
  mysqlplus (= 0.1.2)
  rack-flash (= 0.1.2)
  sinatra (= 1.2.6)
  sinatra-assetpack
  sinatra-content-for (= 0.2)
