GEM
  remote: http://rubygems.org/
  remote: http://gems.github.com/
  specs:
    activemodel (3.0.8)
      activesupport (= 3.0.8)
      builder (~> 2.1.2)
      i18n (~> 0.5.0)
    activerecord (3.0.8)
      activemodel (= 3.0.8)
      activesupport (= 3.0.8)
      arel (~> 2.0.10)
      tzinfo (~> 0.3.23)
    activesupport (3.0.8)
    addressable (2.2.6)
    arel (2.0.10)
    backports (2.6.1)
    builder (2.1.2)
    daemon-kit (0.1.8.2)
      eventmachine (>= 0.12.10)
      safely (>= 0.3.1)
    daemons (1.1.8)
    em-mysqlplus (0.1.5)
      eventmachine (>= 0.12.9)
    eventmachine (0.12.10)
    git (1.2.5)
    i18n (0.5.0)
    jeweler (1.8.4)
      bundler (~> 1.0)
      git (>= 1.2.5)
      rake
      rdoc
    jsmin (1.0.1)
    json (1.7.3)
    jwt (0.1.4)
      json (>= 1.2.4)
    mime-types (1.19)
    multi_json (1.3.6)
    mysql2 (0.2.7)
    mysqlplus (0.1.2)
    rack (1.4.1)
    rack-flash3 (1.0.1)
      rack
      rack
    rack-protection (1.2.0)
      rack
    rack-test (0.6.1)
      rack (>= 1.0)
    rake (0.9.2.2)
    rdoc (3.12)
      json (~> 1.4)
    rest-client (1.6.7)
      mime-types (>= 1.16)
    safely (0.3.2)
    sinatra (1.3.0)
      rack (~> 1.3)
      rack-protection (~> 1.1)
      tilt (~> 1.3)
    sinatra-assetpack (0.0.11)
      jsmin
      rack-test
      sinatra
      tilt (>= 1.3.0)
    sinatra-contrib (1.3.1)
      backports (>= 2.0)
      eventmachine
      rack-protection
      rack-test
      sinatra (~> 1.3.0)
      tilt (~> 1.3)
    thin (1.0.0)
      daemons (>= 1.0.9)
      eventmachine (>= 0.12.0)
      rack (>= 0.3.0)
    tilt (1.3.3)
    twilio-ruby (3.7.0)
      builder (>= 2.1.2)
      jwt (>= 0.1.2)
      multi_json (>= 1.3.0)
    tzinfo (0.3.33)

PLATFORMS
  ruby

DEPENDENCIES
  activerecord (= 3.0.8)
  addressable (= 2.2.6)
  builder (= 2.1.2)
  daemon-kit
  em-mysqlplus (= 0.1.5)
  jeweler
  mysql2 (= 0.2.7)
  mysqlplus (= 0.1.2)
  rack-flash3
  rake
  rest-client
  sinatra (= 1.3.0)
  sinatra-assetpack
  sinatra-contrib
  thin
  twilio-ruby
